GEM
  remote: https://rubygems.org/
  specs:
    chunky_png (1.3.14)
    daemons (1.4.1)
    eventmachine (1.2.7)
    rack (1.6.13)
    rack-protection (1.5.5)
      rack
    rqrcode (0.10.1)
      chunky_png (~> 1.0)
    rqrcode_png (0.1.5)
      chunky_png
      rqrcode
    sinatra (1.4.8)
      rack (~> 1.5)
      rack-protection (~> 1.4)
      tilt (>= 1.3, < 3)
    thin (1.6.3)
      daemons (~> 1.0, >= 1.0.9)
      eventmachine (~> 1.0)
      rack (~> 1.0)
    tilt (2.0.11)

PLATFORMS
  ruby

DEPENDENCIES
  rqrcode_png (= 0.1.5)
  sinatra (~> 1.4)
  thin (= 1.6.3)

BUNDLED WITH
   1.17.3